STORAGE: NONE
RESTRICTION: == net8.0
NUGET
  remote: https://api.nuget.org/v3/index.json
    FSharp.Core (8.0.100)
    FsUnit.xUnit (5.6.1)
      FSharp.Core (>= 5.0.2)
      NHamcrest (>= 3.4)
      xunit (>= 2.5.3)
    Microsoft.NETCore.Platforms (7.0.4)
    NETStandard.Library (2.0.3)
      Microsoft.NETCore.Platforms (>= 1.1)
    NHamcrest (3.4)
    xunit (2.6.2)
      xunit.analyzers (>= 1.6)
      xunit.assert (>= 2.6.2)
      xunit.core (2.6.2)
    xunit.abstractions (2.0.3)
    xunit.analyzers (1.6)
    xunit.assert (2.6.2)
    xunit.core (2.6.2)
      xunit.extensibility.core (2.6.2)
      xunit.extensibility.execution (2.6.2)
    xunit.extensibility.core (2.6.2)
      NETStandard.Library (>= 1.6.1)
      xunit.abstractions (>= 2.0.3)
    xunit.extensibility.execution (2.6.2)
      NETStandard.Library (>= 1.6.1)
      xunit.extensibility.core (2.6.2)
